PATH
  remote: ~/workspace/lobot
  specs:
    lobot (2.0.1.pre)
      ci_reporter (~> 1.7)
      fog (~> 1.6)
      hashie
      httpclient
      net-ssh
      thor

GEM
  remote: http://rubygems.org/
  specs:
    builder (3.1.4)
    ci_reporter (1.7.3)
      builder (>= 2.1.2)
    coderay (1.0.8)
    diff-lcs (1.1.3)
    excon (0.16.7)
    fog (1.7.0)
      builder
      excon (~> 0.14)
      formatador (~> 0.2.0)
      mime-types
      multi_json (~> 1.0)
      net-scp (~> 1.0.4)
      net-ssh (>= 2.1.3)
      nokogiri (~> 1.5.0)
      ruby-hmac
    formatador (0.2.4)
    godot (0.2.0)
    hashie (1.2.0)
    httpclient (2.3.0.1)
    method_source (0.8.1)
    mime-types (1.19)
    multi_json (1.3.7)
    net-scp (1.0.4)
      net-ssh (>= 1.99.1)
    net-ssh (2.6.1)
    nokogiri (1.5.5)
    pry (0.9.10)
      coderay (~> 1.0.5)
      method_source (~> 0.8)
      slop (~> 3.3.1)
    rspec (2.11.0)
      rspec-core (~> 2.11.0)
      rspec-expectations (~> 2.11.0)
      rspec-mocks (~> 2.11.0)
    rspec-core (2.11.1)
    rspec-expectations (2.11.3)
      diff-lcs (~> 1.1.3)
    rspec-mocks (2.11.3)
    ruby-hmac (0.4.0)
    slop (3.3.3)
    thor (0.16.0)

PLATFORMS
  ruby

DEPENDENCIES
  godot
  lobot!
  pry
  rspec
